GIT
  remote: https://github.com/openaustralia/scraperwiki-ruby.git
  revision: fc50176812505e463077d5c673d504a6a234aa78
  branch: morph_defaults
  specs:
    scraperwiki (3.0.1)
      httpclient
      sqlite_magic

GEM
  remote: https://rubygems.org/
  specs:
    addressable (2.5.0)
      public_suffix (~> 2.0, >= 2.0.2)
    coderay (1.1.0)
    colorize (0.7.7)
    crack (0.4.3)
      safe_yaml (~> 1.0.0)
    git (1.3.0)
    hashdiff (0.3.1)
    httpclient (2.6.0.1)
    method_source (0.8.2)
    mini_portile (0.6.2)
    nokogiri (1.6.6.2)
      mini_portile (~> 0.6.0)
    pry (0.10.1)
      coderay (~> 1.1.0)
      method_source (~> 0.8.1)
      slop (~> 3.4)
    public_suffix (2.0.4)
    safe_yaml (1.0.4)
    scraped_page_archive (0.5.0)
      git (~> 1.3.0)
      vcr-archive (~> 0.3.0)
    slop (3.6.0)
    sqlite3 (1.3.10)
    sqlite_magic (0.0.3)
      sqlite3
    vcr (3.0.3)
    vcr-archive (0.3.0)
      vcr (~> 3.0.2)
      webmock (~> 2.0.3)
    webmock (2.0.3)
      addressable (>= 2.3.6)
      crack (>= 0.3.2)
      hashdiff

PLATFORMS
  ruby

DEPENDENCIES
  colorize
  nokogiri
  pry
  scraped_page_archive
  scraperwiki!

RUBY VERSION
   ruby 2.0.0p648

BUNDLED WITH
   1.13.6
