GIT
  remote: https://github.com/everypolitician/combine_popolo_memberships.git
  revision: 5769841c55abc712ce59835a0fb944b1de12d982
  specs:
    combine_popolo_memberships (0.2.0)

GIT
  remote: https://github.com/everypolitician/scraped.git
  revision: c458dd2601a7f1e9596c7c60cf375fee44c3604d
  specs:
    scraped (0.6.1)
      field_serializer (>= 0.3.0)
      nokogiri
      require_all

GIT
  remote: https://github.com/everypolitician/scraped_page_archive.git
  revision: 28f93d74b1c11ef01463ad0e7f874050d2e7fc73
  specs:
    scraped_page_archive (0.5.0)
      git (~> 1.3.0)
      vcr-archive (~> 0.3.0)

GIT
  remote: https://github.com/everypolitician/scraper_test.git
  revision: 314fed4a321fa49f0061e5cfd328f7b3481a1e2b
  specs:
    scraper_test (0.1.0)
      minitest (~> 5.0)
      pry
      vcr (>= 3.0.3)
      webmock (>= 2.0)

GIT
  remote: https://github.com/everypolitician/table_unspanner.git
  revision: a70a98a104a75b470f4ea339fdd728366a40b4d8
  specs:
    table_unspanner (0.1.0)
      nokogiri

GIT
  remote: https://github.com/openaustralia/scraperwiki-ruby.git
  revision: fc50176812505e463077d5c673d504a6a234aa78
  branch: morph_defaults
  specs:
    scraperwiki (3.0.1)
      httpclient
      sqlite_magic

GEM
  remote: https://rubygems.org/
  specs:
    addressable (2.5.1)
      public_suffix (~> 2.0, >= 2.0.2)
    ast (2.3.0)
    coderay (1.1.1)
    crack (0.4.3)
      safe_yaml (~> 1.0.0)
    domain_name (0.5.20161129)
      unf (>= 0.0.5, < 1.0.0)
    execjs (2.7.0)
    field_serializer (0.3.0)
    git (1.3.0)
    hashdiff (0.3.2)
    http-cookie (1.0.3)
      domain_name (~> 0.5)
    httpclient (2.6.0.1)
    method_source (0.8.2)
    mime-types (3.1)
      mime-types-data (~> 3.2015)
    mime-types-data (3.2016.0521)
    mini_portile2 (2.1.0)
    minispec-metadata (2.0.0)
      minitest
    minitest (5.10.1)
    minitest-around (0.4.0)
      minitest (~> 5.0)
    minitest-vcr (1.4.0)
      minispec-metadata (~> 2.0)
      minitest (>= 4.7.5)
      vcr (>= 2.9)
    netrc (0.11.0)
    nokogiri (1.7.1)
      mini_portile2 (~> 2.1.0)
    open-uri-cached (0.0.5)
    parser (2.4.0.0)
      ast (~> 2.2)
    powerpack (0.1.1)
    pry (0.10.4)
      coderay (~> 1.1.0)
      method_source (~> 0.8.1)
      slop (~> 3.4)
    public_suffix (2.0.5)
    rainbow (2.2.2)
      rake
    rake (12.0.0)
    require_all (1.4.0)
    rest-client (2.0.0)
      http-cookie (>= 1.0.2, < 2.0)
      mime-types (>= 1.16, < 4.0)
      netrc (~> 0.8)
    rubocop (0.48.1)
      parser (>= 2.3.3.1, < 3.0)
      powerpack (~> 0.1)
      rainbow (>= 1.99.1, < 3.0)
      ruby-progressbar (~> 1.7)
      unicode-display_width (~> 1.0, >= 1.0.1)
    ruby-progressbar (1.8.1)
    safe_yaml (1.0.4)
    slop (3.6.0)
    sqlite3 (1.3.10)
    sqlite_magic (0.0.3)
      sqlite3
    unf (0.1.4)
      unf_ext
    unf_ext (0.0.7.2)
    unicode-display_width (1.2.1)
    vcr (3.0.3)
    vcr-archive (0.3.0)
      vcr (~> 3.0.2)
      webmock (~> 2.0.3)
    webmock (2.0.3)
      addressable (>= 2.3.6)
      crack (>= 0.3.2)
      hashdiff

PLATFORMS
  ruby

DEPENDENCIES
  combine_popolo_memberships!
  execjs
  minitest
  minitest-around
  minitest-vcr
  nokogiri
  open-uri-cached
  pry
  rake
  rest-client
  rubocop
  scraped!
  scraped_page_archive!
  scraper_test!
  scraperwiki!
  table_unspanner!
  vcr
  webmock

RUBY VERSION
   ruby 2.3.3p222

BUNDLED WITH
   1.14.6
